GEM
  remote: http://rubygems.org/
  specs:
    celluloid (0.16.0)
      timers (~> 4.0.0)
    demode (0.0.3)
    domain_name (0.5.24)
      unf (>= 0.0.5, < 1.0.0)
    hitimes (1.2.2)
    http-cookie (1.0.2)
      domain_name (~> 0.5)
    mime-types (2.6.1)
    multi_json (1.11.0)
    netrc (0.10.3)
    preact (1.1.1)
      multi_json (~> 1.0)
      rest-client
      sucker_punch (~> 1.0)
    rest-client (1.8.0)
      http-cookie (>= 1.0.2, < 2.0)
      mime-types (>= 1.16, < 3.0)
      netrc (~> 0.7)
    sucker_punch (1.5.0)
      celluloid (~> 0.16.0)
    timers (4.0.1)
      hitimes
    unf (0.1.4)
      unf_ext
    unf_ext (0.0.7.1)

PLATFORMS
  ruby

DEPENDENCIES
  demode
  preact
